GEM
  remote: http://rubygems.org/
  specs:
    hoe (3.5.3)
      rake (>= 0.8, < 11.0)
    rake (10.0.4)

PLATFORMS
  ruby

DEPENDENCIES
  hoe
  rake
